GIT
  remote: https://github.com/jules2689/charts.git
  revision: bc5ed66a829371737008d00f0e0c32b00c827c19
  specs:
    charts (0.0.1)
      ruby-graphviz
      ttfunk
      victor (= 0.2.1)

GEM
  remote: https://rubygems.org/
  specs:
    addressable (2.3.8)
    byebug (9.0.6)
    calculus (0.2.0)
    faraday (0.9.2)
      multipart-post (>= 1.2, < 3)
    metaclass (0.0.4)
    minitest (5.10.1)
    mocha (1.2.1)
      metaclass (~> 0.0.1)
    multipart-post (2.0.0)
    octokit (4.2.0)
      sawyer (~> 0.6.0, >= 0.5.3)
    phantomjs (2.1.1.0)
    rmagick (2.16.0)
    ruby-graphviz (1.2.3)
    sawyer (0.6.0)
      addressable (~> 2.3.5)
      faraday (~> 0.8, < 0.10)
    ttfunk (1.5.1)
    victor (0.2.1)

PLATFORMS
  ruby

DEPENDENCIES
  byebug
  calculus
  charts!
  minitest (~> 5.0)
  mocha
  octokit
  phantomjs
  rmagick

BUNDLED WITH
   1.15.0.pre.2
